GEM
  remote: https://rubygems.org/
  specs:
    asciidoctor (1.5.8)

PLATFORMS
  x64-mingw32

DEPENDENCIES
  asciidoctor

BUNDLED WITH
   1.17.3
